GEM
  remote: http://rubygems.org/
  remote: http://gems.github.com/
  specs:
    haml (3.1.4)
    rack (1.4.1)
    sass (3.1.12)
    sinatra (1.2.6)
      rack (~> 1.1)
      tilt (< 2.0, >= 1.2.2)
    tilt (1.3.3)

PLATFORMS
  ruby

DEPENDENCIES
  haml
  sass
  sinatra (= 1.2.6)
